PATH
  remote: .
  specs:
    silverpop (1.1.1)

GEM
  remote: https://rubygems.org/
  specs:
    activesupport (3.2.13)
      i18n (= 0.6.1)
      multi_json (~> 1.0)
    diff-lcs (1.2.2)
    fakeweb (1.3.0)
    ftpd (0.6.0)
      memoizer (~> 1.0.1)
    hpricot (0.8.6)
    i18n (0.6.1)
    memoizer (1.0.1)
    multi_json (1.7.2)
    rake (10.0.4)
    rspec (2.13.0)
      rspec-core (~> 2.13.0)
      rspec-expectations (~> 2.13.0)
      rspec-mocks (~> 2.13.0)
    rspec-core (2.13.1)
    rspec-expectations (2.13.0)
      diff-lcs (>= 1.1.3, < 2.0)
    rspec-mocks (2.13.1)

PLATFORMS
  ruby

DEPENDENCIES
  activesupport
  fakeweb
  ftpd
  hpricot
  rake
  rspec
  silverpop!
